GEM
  remote: https://rubygems.org/
  specs:
    cli-ui (2.3.1)
    daybreak (0.3.0)
    diff-lcs (1.6.1)
    rspec (3.13.0)
      rspec-core (~> 3.13.0)
      rspec-expectations (~> 3.13.0)
      rspec-mocks (~> 3.13.0)
    rspec-core (3.13.3)
      rspec-support (~> 3.13.0)
    rspec-expectations (3.13.3)
      diff-lcs (>= 1.2.0, < 2.0)
      rspec-support (~> 3.13.0)
    rspec-mocks (3.13.2)
      diff-lcs (>= 1.2.0, < 2.0)
      rspec-support (~> 3.13.0)
    rspec-support (3.13.2)

PLATFORMS
  arm64-darwin-23
  ruby

DEPENDENCIES
  cli-ui
  daybreak
  rspec

RUBY VERSION
   ruby 3.4.2p28

BUNDLED WITH
   2.6.8
